GEM
  remote: http://rubygems.org/
  specs:
    coderay (1.0.7)
    git (1.2.5)
    iron_core (0.1.4)
      bundler (> 1.0.0)
      rest
      rest-client
    iron_worker_ng (0.7.0)
      bundler (> 1.0.0)
      iron_core (>= 0.1.4)
      zip
    jeweler2 (2.0.9)
      git (>= 1.2.5)
    method_source (0.7.1)
    mime-types (1.19)
    pry (0.9.9.6)
      coderay (~> 1.0.5)
      method_source (~> 0.7.1)
      slop (>= 2.4.4, < 3)
    rest (1.0.0)
      rest-client (>= 0.3.0)
    rest-client (1.6.7)
      mime-types (>= 1.16)
    slop (2.4.4)
    zip (2.0.2)

PLATFORMS
  ruby

DEPENDENCIES
  iron_worker_ng
  jeweler2
  pry
