GEM
  remote: http://rubygems.org/
  specs:
    aws-s3 (0.6.2)
      builder
      mime-types
      xml-simple
    builder (3.0.0)
    hipchat (0.4.1)
      httparty
    httparty (0.8.3)
      multi_json (~> 1.0)
      multi_xml
    mime-types (1.18)
    multi_json (1.3.5)
    multi_xml (0.5.1)
    xml-simple (1.1.1)

PLATFORMS
  ruby

DEPENDENCIES
  aws-s3
  bundler
  hipchat
