GEM
  remote: http://rubygems.org/
  specs:
    git (1.2.5)
    iron_core (0.1.3)
      bundler (> 1.0.0)
      rest
      rest-client
    jeweler2 (2.0.9)
      git (>= 1.2.5)
    mime-types (1.18)
    rake (0.9.2.2)
    rest (0.3.0)
      rest-client
      rest-client
    rest-client (1.6.7)
      mime-types (>= 1.16)
    zip (2.0.2)

PLATFORMS
  ruby

DEPENDENCIES
  bundler (> 1.0.0)
  iron_core
  jeweler2
  rake
  zip
