GEM
  remote: http://rubygems.org/
  specs:
    git (1.2.5)
    jeweler (1.8.3)
      bundler (~> 1.0)
      git (>= 1.2.5)
      rake
      rdoc
    json (1.6.6)
    mime-types (1.18)
    rake (0.9.2.2)
    rdoc (3.12)
      json (~> 1.4)
    rest (0.2.0)
      rest-client
      rest-client
    rest-client (1.6.7)
      mime-types (>= 1.16)
    zip (2.0.2)

PLATFORMS
  ruby

DEPENDENCIES
  bundler (> 1.0.0)
  jeweler (~> 1.8.3)
  json
  rest
  rest-client
  zip
