GEM
  remote: http://rubygems.org/
  specs:
    git (1.2.5)
    jeweler2 (2.0.9)
      git (>= 1.2.5)
    json (1.6.6)
    mime-types (1.18)
    rest (0.2.0)
      rest-client
      rest-client
    rest-client (1.6.7)
      mime-types (>= 1.16)
    uber_config (0.0.1)
    zip (2.0.2)

PLATFORMS
  ruby

DEPENDENCIES
  bundler (> 1.0.0)
  jeweler2
  json
  rest
  rest-client
  uber_config
  zip
