PATH
  remote: .
  specs:
    iron_worker_ng (1.5.1)
      bundler
      iron_core (>= 1.0.0)
      rubyzip (= 0.9.9)

GEM
  remote: https://rubygems.org/
  specs:
    actionmailer (2.3.18)
      actionpack (= 2.3.18)
    actionpack (2.3.18)
      activesupport (= 2.3.18)
      rack (~> 1.1.0)
    activesupport (2.3.18)
    addressable (2.3.5)
    ansi (1.4.3)
    atomic (1.1.14)
    buftok (0.2.0)
    builder (3.2.2)
    concur (2.1.1)
    descendants_tracker (0.0.3)
    equalizer (0.0.9)
    faraday (0.9.0)
      multipart-post (>= 1.2, < 3)
    go (1.1.0)
      concur
    hashie (2.0.5)
    http (0.5.0)
      http_parser.rb
    http_parser.rb (0.6.0)
    iron_cache (1.4.1)
      iron_core (>= 0.5.1)
    iron_core (1.0.3)
      rest (>= 2.6.4)
    json (1.8.1)
    memoizable (0.4.0)
      thread_safe (~> 0.1.3)
    minitest (5.2.2)
    minitest-reporters (1.0.0)
      ansi
      builder
      minitest (>= 5.0)
      powerbar
    multipart-post (2.0.0)
    naught (1.0.0)
    net-http-persistent (2.9.1)
    netrc (0.7.7)
    powerbar (1.0.11)
      ansi (~> 1.4.0)
      hashie (>= 1.1.0)
    rack (1.1.6)
    rake (10.1.1)
    rest (2.7.1)
      net-http-persistent (>= 2.9.1)
      rest_client (>= 1.7.1)
    rest_client (1.7.2)
      netrc (~> 0.7.7)
    rubyzip (0.9.9)
    simple_oauth (0.2.0)
    test-unit (2.5.5)
    thread_safe (0.1.3)
      atomic
    twitter (5.6.0)
      addressable (~> 2.3)
      buftok (~> 0.2.0)
      descendants_tracker (~> 0.0.3)
      equalizer (~> 0.0.9)
      faraday (~> 0.9.0)
      http (~> 0.5.0)
      http_parser.rb (~> 0.6.0)
      json (~> 1.8)
      memoizable (~> 0.4.0)
      naught (~> 1.0)
      simple_oauth (~> 0.2.0)

PLATFORMS
  ruby

DEPENDENCIES
  actionmailer
  go
  iron_cache (>= 1.4.0)
  iron_worker_ng!
  minitest
  minitest-reporters (>= 0.5.0)
  rake
  test-unit
  twitter
