GEM
  remote: http://rubygems.org/
  specs:
    git (1.2.5)
    iron_core (0.2.0)
      rest (>= 2.0.0)
    iron_worker_ng (0.9.1)
      bundler (> 1.0.0)
      iron_core (>= 0.2.0)
      zip
    jeweler2 (2.0.9)
      git (>= 1.2.5)
    mime-types (1.19)
    net-http-persistent (2.7)
    rake (0.9.2.2)
    rest (2.0.1)
      net-http-persistent
      rest-client (>= 0.3.0)
    rest-client (1.6.7)
      mime-types (>= 1.16)
    zip (2.0.2)

PLATFORMS
  ruby

DEPENDENCIES
  bundler (> 1.0.0)
  iron_core (>= 0.2.0)
  iron_worker_ng
  jeweler2
  rake
  zip
