GEM
  remote: http://rubygems.org/
  specs:
    coderay (1.0.6)
    git (1.2.5)
    iron_worker_ng (0.2.0)
      bundler (> 1.0.0)
      json
      rest
      rest-client
      zip
    jeweler (1.8.3)
      bundler (~> 1.0)
      git (>= 1.2.5)
      rake
      rdoc
    json (1.6.5)
    method_source (0.7.1)
    mime-types (1.18)
    pry (0.9.8.4)
      coderay (~> 1.0.5)
      method_source (~> 0.7.1)
      slop (>= 2.4.4, < 3)
    rake (0.9.2.2)
    rdoc (3.12)
      json (~> 1.4)
    rest (0.2.0)
      rest-client
      rest-client
    rest-client (1.6.7)
      mime-types (>= 1.16)
    slop (2.4.4)
    typhoeus (0.3.3)
      mime-types
    zip (2.0.2)

PLATFORMS
  ruby

DEPENDENCIES
  bundler (> 1.0.0)
  iron_worker_ng
  jeweler (~> 1.8.3)
  json
  pry
  rest
  rest-client
  typhoeus
  zip
