GEM
  remote: http://rubygems.org/
  specs:
    builder (3.0.0)
    daemons (1.1.8)
    eventmachine (0.12.10)
    iron_cache (1.1.1)
      iron_core (>= 0.2.0)
    iron_core (0.2.0)
      rest (>= 2.0.0)
    iron_worker_ng (0.9.1)
      bundler (> 1.0.0)
      iron_core (>= 0.2.0)
      zip
    json (1.7.3)
    jwt (0.1.4)
      json (>= 1.2.4)
    mime-types (1.19)
    multi_json (1.3.6)
    net-http-persistent (2.7)
    rack (1.4.1)
    rest (2.0.1)
      net-http-persistent
      rest-client (>= 0.3.0)
    rest-client (1.6.7)
      mime-types (>= 1.16)
    sinatra (1.1.0)
      rack (~> 1.1)
      tilt (~> 1.1)
    thin (1.4.1)
      daemons (>= 1.0.9)
      eventmachine (>= 0.12.6)
      rack (>= 1.0.0)
    tilt (1.3.3)
    twilio-ruby (3.7.0)
      builder (>= 2.1.2)
      jwt (>= 0.1.2)
      multi_json (>= 1.3.0)
    zip (2.0.2)

PLATFORMS
  ruby

DEPENDENCIES
  iron_cache
  iron_worker_ng
  sinatra (= 1.1.0)
  thin
  twilio-ruby
